GEM
  remote: https://rubygems.org/
  specs:
    json (1.8.1)
    multi_json (1.7.9)
    multi_xml (0.5.5)
    rack (1.5.2)
    rack-protection (1.5.1)
      rack
    sinatra (1.4.4)
      rack (~> 1.4)
      rack-protection (~> 1.4)
      tilt (~> 1.3, >= 1.3.4)
    steam-condenser (1.3.8)
      multi_json (~> 1.7.2)
      multi_xml (~> 0.5.2)
    tilt (1.4.1)

PLATFORMS
  x86-mingw32

DEPENDENCIES
  json
  sinatra
  steam-condenser
